GEM
  remote: https://rubygems.org/
  specs:
    activemodel (6.1.3.2)
      activesupport (= 6.1.3.2)
    activerecord (6.1.3.2)
      activemodel (= 6.1.3.2)
      activesupport (= 6.1.3.2)
    activesupport (6.1.3.2)
      concurrent-ruby (~> 1.0, >= 1.0.2)
      i18n (>= 1.6, < 2)
      minitest (>= 5.1)
      tzinfo (~> 2.0)
      zeitwerk (~> 2.3)
    cgi (0.2.0)
    concurrent-ruby (1.1.8)
    digest-crc (0.6.3)
      rake (>= 12.0.0, < 14.0.0)
    erb (2.2.3)
      cgi
    i18n (1.8.10)
      concurrent-ruby (~> 1.0)
    json (2.5.1)
    minitest (5.14.4)
    pg (1.2.3)
    rake (13.0.3)
    ruby-kafka (1.3.0)
      digest-crc
    tzinfo (2.0.4)
      concurrent-ruby (~> 1.0)
    yaml (0.1.1)
    zeitwerk (2.4.2)

PLATFORMS
  x86_64-darwin-18

DEPENDENCIES
  activerecord
  erb
  json
  pg
  ruby-kafka
  yaml

BUNDLED WITH
   2.2.12
